GEM
  remote: http://rubygems.org/
  specs:
    actionmailer (2.3.11)
      actionpack (= 2.3.11)
    actionpack (2.3.11)
      activesupport (= 2.3.11)
      rack (~> 1.1.0)
    activerecord (2.3.11)
      activesupport (= 2.3.11)
    activerecord-mysql2-adapter (0.0.3)
      mysql2
    activeresource (2.3.11)
      activesupport (= 2.3.11)
    activesupport (2.3.11)
    arel (3.0.2)
    builder (3.0.2)
    choice (0.1.6)
    comma (0.3.2)
      activesupport (>= 2.2.2)
    fastercsv (1.5.3)
    i18n (0.6.0)
    json (1.5.1)
    multi_json (1.3.6)
    mysql (2.8.1)
    mysql2 (0.3.11)
    narray (0.6.0.1)
    narray_miss (1.2.8)
      narray
    nokogiri (1.5.5)
    paperclip (2.1.2)
    query_reviewer (0.1.5)
    rack (1.1.3)
    railroad (0.5.0)
    rails (2.3.11)
      actionmailer (= 2.3.11)
      actionpack (= 2.3.11)
      activerecord (= 2.3.11)
      activeresource (= 2.3.11)
      activesupport (= 2.3.11)
      rake (>= 0.8.3)
    rake (0.9.2.2)
    rdoc (2.4.2)
    recaptcha (0.3.1)
    rmagick (2.13.1)
    ruby-graphviz (1.0.8)
    ruby-netcdf (0.6.6.1)
      narray
      narray_miss
    seer (0.9.1)
    tzinfo (0.3.33)
    will_paginate (2.3.16)

PLATFORMS
  ruby

DEPENDENCIES
  actionmailer (= 2.3.11)
  actionpack (= 2.3.11)
  activerecord (= 2.3.11)
  activerecord-mysql2-adapter
  activeresource (= 2.3.11)
  activesupport (= 2.3.11)
  arel (= 3.0.2)
  builder (= 3.0.2)
  choice (= 0.1.6)
  comma (= 0.3.2)
  fastercsv (= 1.5.3)
  i18n (= 0.6.0)
  json (= 1.5.1)
  multi_json (= 1.3.6)
  mysql
  narray (= 0.6.0.1)
  nokogiri
  paperclip (= 2.1.2)
  query_reviewer (= 0.1.5)
  rack (= 1.1.3)
  railroad (= 0.5.0)
  rails (= 2.3.11)
  rake (= 0.9.2.2)
  rdoc (= 2.4.2)
  recaptcha (= 0.3.1)
  rmagick (= 2.13.1)
  ruby-graphviz (= 1.0.8)
  ruby-netcdf (= 0.6.6.1)
  seer (= 0.9.1)
  tzinfo (= 0.3.33)
  will_paginate (= 2.3.16)
