GEM
  remote: http://rubygems.org/
  specs:
    abstract (1.0.0)
    actionmailer (3.0.18)
      actionpack (= 3.0.18)
      mail (~> 2.2.19)
    actionpack (3.0.18)
      activemodel (= 3.0.18)
      activesupport (= 3.0.18)
      builder (~> 2.1.2)
      erubis (~> 2.6.6)
      i18n (~> 0.5.0)
      rack (~> 1.2.5)
      rack-mount (~> 0.6.14)
      rack-test (~> 0.5.7)
      tzinfo (~> 0.3.23)
    activemodel (3.0.18)
      activesupport (= 3.0.18)
      builder (~> 2.1.2)
      i18n (~> 0.5.0)
    activerecord (3.0.18)
      activemodel (= 3.0.18)
      activesupport (= 3.0.18)
      arel (~> 2.0.10)
      tzinfo (~> 0.3.23)
    activerecord-mysql2-adapter (0.0.3)
      mysql2
    activeresource (3.0.18)
      activemodel (= 3.0.18)
      activesupport (= 3.0.18)
    activesupport (3.0.18)
    arel (2.0.10)
    builder (2.1.2)
    choice (0.1.6)
    comma (2.1.1)
      fastercsv (~> 1.5.4)
    erubis (2.6.6)
      abstract (>= 1.0.0)
    fastercsv (1.5.5)
    i18n (0.5.0)
    json (1.7.6)
    mail (2.2.19)
      activesupport (>= 2.3.6)
      i18n (>= 0.4.0)
      mime-types (~> 1.16)
      treetop (~> 1.4.8)
    mime-types (1.20.1)
    mysql (2.9.0)
    mysql2 (0.3.11)
    narray (0.6.0.4)
    narray_miss (1.2.8)
      narray
    nokogiri (1.5.6)
    polyglot (0.3.3)
    query_reviewer (0.1.6)
    rack (1.2.7)
    rack-mount (0.6.14)
      rack (>= 1.0.0)
    rack-test (0.5.7)
      rack (>= 1.0)
    railroad (0.5.0)
    rails (3.0.18)
      actionmailer (= 3.0.18)
      actionpack (= 3.0.18)
      activerecord (= 3.0.18)
      activeresource (= 3.0.18)
      activesupport (= 3.0.18)
      bundler (~> 1.0)
      railties (= 3.0.18)
    railties (3.0.18)
      actionpack (= 3.0.18)
      activesupport (= 3.0.18)
      rake (>= 0.8.7)
      rdoc (~> 3.4)
      thor (~> 0.14.4)
    rake (10.0.3)
    rdoc (3.12.1)
      json (~> 1.4)
    recaptcha (0.3.4)
    rmagick (2.13.1)
    ruby-graphviz (1.0.8)
    ruby-netcdf (0.6.6.1)
      narray
      narray_miss
    seer (0.10.0)
    thor (0.14.6)
    treetop (1.4.12)
      polyglot
      polyglot (>= 0.3.1)
    tzinfo (0.3.35)
    will_paginate (3.0.4)

PLATFORMS
  ruby

DEPENDENCIES
  activerecord-mysql2-adapter
  choice (= 0.1.6)
  comma (= 2.1.1)
  fastercsv (= 1.5.5)
  mysql
  narray (= 0.6.0.4)
  nokogiri
  query_reviewer (= 0.1.6)
  railroad (= 0.5.0)
  rails (= 3.0.18)
  recaptcha (= 0.3.4)
  rmagick (= 2.13.1)
  ruby-graphviz (= 1.0.8)
  ruby-netcdf (= 0.6.6.1)
  seer (= 0.10.0)
  tzinfo (= 0.3.35)
  will_paginate (= 3.0.4)
